GEM
  remote: https://rubygems.org/
  specs:
    coderay (1.0.9)
    coffee-script (2.2.0)
      coffee-script-source
      execjs
    coffee-script-source (1.6.3)
    crxmake (2.1.2)
      zip (~> 2.0.2)
    execjs (1.4.0)
      multi_json (~> 1.0)
    method_source (0.8.2)
    mime-types (1.24)
    multi_json (1.7.9)
    pry (0.9.12.2)
      coderay (~> 1.0.5)
      method_source (~> 0.8)
      slop (~> 3.4)
    pry-doc (0.4.6)
      pry (>= 0.9)
      yard (>= 0.8)
    rake (10.1.0)
    rest-client (1.6.7)
      mime-types (>= 1.16)
    slop (3.4.6)
    yard (0.8.7)
    zip (2.0.2)

PLATFORMS
  ruby

DEPENDENCIES
  coffee-script
  crxmake
  pry
  pry-doc
  rake
  rest-client
